PATH
  remote: .
  specs:
    top_100_movies (0.1.0)

GEM
  remote: https://rubygems.org/
  specs:
    rake (13.0.3)

PLATFORMS
  x86_64-linux

DEPENDENCIES
  rake (~> 13.0)
  top_100_movies!

BUNDLED WITH
   2.2.14
